GEM
  remote: https://rubygems.org/
  specs:
    minitest (5.15.0)

PLATFORMS
  x64-mingw32

DEPENDENCIES
  minitest (~> 5.4)

BUNDLED WITH
   2.2.32
